GEM
  remote: https://rubygems.org/
  specs:
    childprocess (0.5.7)
      ffi (~> 1.0, >= 1.0.11)
    diff-lcs (1.2.5)
    ffi (1.9.10)
    haml (4.0.7)
      tilt
    hashie (3.4.3)
    httparty (0.13.7)
      json (~> 1.8)
      multi_xml (>= 0.5.2)
    json (1.8.3)
    mirage (3.0.10)
      childprocess
      haml
      hashie
      httparty
      ptools
      sinatra
      thor
      waitforit
    multi_xml (0.5.5)
    ptools (1.3.3)
    rack (1.6.4)
    rack-protection (1.5.3)
      rack
    rspec (3.3.0)
      rspec-core (~> 3.3.0)
      rspec-expectations (~> 3.3.0)
      rspec-mocks (~> 3.3.0)
    rspec-core (3.3.2)
      rspec-support (~> 3.3.0)
    rspec-expectations (3.3.1)
      diff-lcs (>= 1.2.0, < 2.0)
      rspec-support (~> 3.3.0)
    rspec-mocks (3.3.2)
      diff-lcs (>= 1.2.0, < 2.0)
      rspec-support (~> 3.3.0)
    rspec-support (3.3.0)
    sinatra (1.4.6)
      rack (~> 1.4)
      rack-protection (~> 1.4)
      tilt (>= 1.3, < 3)
    thor (0.19.1)
    tilt (2.0.1)
    waitforit (0.0.1)

PLATFORMS
  ruby

DEPENDENCIES
  bundler
  mirage
  rspec

BUNDLED WITH
   1.10.6
